GEM
  remote: https://rubygems.org/
  specs:
    eventmachine (1.2.0.1)
    faye-websocket (0.10.4)
      eventmachine (>= 0.12.0)
      websocket-driver (>= 0.5.1)
    json (1.8.3)
    nio4r (2.5.7)
    puma (4.3.8)
      nio4r (~> 2.0)
    rack (1.6.4)
    rack-protection (1.5.3)
      rack
    rake (11.2.2)
    sinatra (1.4.7)
      rack (~> 1.5)
      rack-protection (~> 1.4)
      tilt (>= 1.3, < 3)
    tilt (2.0.5)
    websocket-driver (0.6.4)
      websocket-extensions (>= 0.1.0)
    websocket-extensions (0.1.2)

PLATFORMS
  ruby

DEPENDENCIES
  bundler
  faye-websocket
  json
  puma
  rake
  sinatra (>= 1.4.7)

BUNDLED WITH
   1.11.2
